GEM
  remote: https://rubygems.org/
  specs:
    ffaker (2.1.0)
    json (1.8.3)
    ruby-progressbar (1.7.5)

PLATFORMS
  ruby

DEPENDENCIES
  ffaker
  json
  ruby-progressbar
